GEM
  remote: https://rubygems.org/
  specs:
    diff-lcs (1.4.4)
    google-protobuf (3.19.2-x86_64-linux)
    googleapis-common-protos-types (1.3.0)
      google-protobuf (~> 3.14)
    grpc (1.42.0-x86_64-linux)
      google-protobuf (~> 3.18)
      googleapis-common-protos-types (~> 1.0)
    grpc-tools (1.42.0)
    nio4r (2.5.8)
    oj (3.13.10)
    puma (5.5.2)
      nio4r (~> 2.0)
    rack (2.2.6.4)
    roda (3.51.0)
      rack
    rodauth (2.18.0)
      roda (>= 2.6.0)
      sequel (>= 4)
    rspec (3.10.0)
      rspec-core (~> 3.10.0)
      rspec-expectations (~> 3.10.0)
      rspec-mocks (~> 3.10.0)
    rspec-core (3.10.1)
      rspec-support (~> 3.10.0)
    rspec-expectations (3.10.1)
      diff-lcs (>= 1.2.0, < 2.0)
      rspec-support (~> 3.10.0)
    rspec-mocks (3.10.2)
      diff-lcs (>= 1.2.0, < 2.0)
      rspec-support (~> 3.10.0)
    rspec-support (3.10.3)
    sequel (5.51.0)

PLATFORMS
  x86_64-linux

DEPENDENCIES
  google-protobuf
  grpc
  grpc-tools
  oj
  puma
  rack
  roda
  rodauth
  rspec

BUNDLED WITH
   2.2.22
